GIT
  remote: git://github.com/Scalarm/scalarm-database.git
  revision: 52084ad91ded3668ab1ac26ac3501cd5b1806d63
  specs:
    scalarm-database (2.0.0)
      activesupport
      bson
      bson_ext
      encryptor (= 1.3.0)
      mongo (= 2.2.5)

GIT
  remote: git://github.com/Scalarm/scalarm-service_core.git
  revision: 08546c5a61b6f3787aeb6a52cb54c3ecd1118248
  specs:
    scalarm-service_core (2.0.0)
      actionpack (~> 4.1)
      activesupport (~> 4.1)
      grid-proxy (~> 0.1)
      rest-client (~> 1.8)

GEM
  remote: https://rubygems.org/
  specs:
    actionmailer (4.2.6)
      actionpack (= 4.2.6)
      actionview (= 4.2.6)
      activejob (= 4.2.6)
      mail (~> 2.5, >= 2.5.4)
      rails-dom-testing (~> 1.0, >= 1.0.5)
    actionpack (4.2.6)
      actionview (= 4.2.6)
      activesupport (= 4.2.6)
      rack (~> 1.6)
      rack-test (~> 0.6.2)
      rails-dom-testing (~> 1.0, >= 1.0.5)
      rails-html-sanitizer (~> 1.0, >= 1.0.2)
    actionview (4.2.6)
      activesupport (= 4.2.6)
      builder (~> 3.1)
      erubis (~> 2.7.0)
      rails-dom-testing (~> 1.0, >= 1.0.5)
      rails-html-sanitizer (~> 1.0, >= 1.0.2)
    activejob (4.2.6)
      activesupport (= 4.2.6)
      globalid (>= 0.3.0)
    activemodel (4.2.6)
      activesupport (= 4.2.6)
      builder (~> 3.1)
    activerecord (4.2.6)
      activemodel (= 4.2.6)
      activesupport (= 4.2.6)
      arel (~> 6.0)
    activesupport (4.2.6)
      i18n (~> 0.7)
      json (~> 1.7, >= 1.7.7)
      minitest (~> 5.1)
      thread_safe (~> 0.3, >= 0.3.4)
      tzinfo (~> 1.1)
    arel (6.0.3)
    bson (4.1.1)
    bson_ext (1.5.1)
    builder (3.2.2)
    concurrent-ruby (1.0.2)
    daemons (1.2.3)
    domain_name (0.5.20160310)
      unf (>= 0.0.5, < 1.0.0)
    encryptor (1.3.0)
    erubis (2.7.0)
    eventmachine (1.2.0.1)
    ffi (1.9.10)
    globalid (0.3.6)
      activesupport (>= 4.1.0)
    grid-proxy (0.1.0)
    http-cookie (1.0.2)
      domain_name (~> 0.5)
    i18n (0.7.0)
    json (1.8.3)
    loofah (2.0.3)
      nokogiri (>= 1.5.9)
    mail (2.6.4)
      mime-types (>= 1.16, < 4)
    metaclass (0.0.4)
    mime-types (2.99.1)
    mini_portile2 (2.0.0)
    minitest (5.9.0)
    mocha (1.1.0)
      metaclass (~> 0.0.1)
    mongo (2.2.5)
      bson (~> 4.0)
    netrc (0.11.0)
    newrelic_rpm (3.15.2.317)
    nokogiri (1.6.7.2)
      mini_portile2 (~> 2.0.0.rc2)
    rack (1.6.4)
    rack-test (0.6.3)
      rack (>= 1.0)
    rails (4.2.6)
      actionmailer (= 4.2.6)
      actionpack (= 4.2.6)
      actionview (= 4.2.6)
      activejob (= 4.2.6)
      activemodel (= 4.2.6)
      activerecord (= 4.2.6)
      activesupport (= 4.2.6)
      bundler (>= 1.3.0, < 2.0)
      railties (= 4.2.6)
      sprockets-rails
    rails-deprecated_sanitizer (1.0.3)
      activesupport (>= 4.2.0.alpha)
    rails-dom-testing (1.0.7)
      activesupport (>= 4.2.0.beta, < 5.0)
      nokogiri (~> 1.6.0)
      rails-deprecated_sanitizer (>= 1.0.1)
    rails-html-sanitizer (1.0.3)
      loofah (~> 2.0)
    railties (4.2.6)
      actionpack (= 4.2.6)
      activesupport (= 4.2.6)
      rake (>= 0.8.7)
      thor (>= 0.18.1, < 2.0)
    rake (11.1.2)
    rest-client (1.8.0)
      http-cookie (>= 1.0.2, < 2.0)
      mime-types (>= 1.16, < 3.0)
      netrc (~> 0.7)
    rubyzip (0.9.9)
    sprockets (3.6.0)
      concurrent-ruby (~> 1.0)
      rack (> 1, < 3)
    sprockets-rails (3.0.4)
      actionpack (>= 4.0)
      activesupport (>= 4.0)
      sprockets (>= 3.0.0)
    sys-filesystem (1.1.6)
      ffi
    thin (1.6.4)
      daemons (~> 1.0, >= 1.0.9)
      eventmachine (~> 1.0, >= 1.0.4)
      rack (~> 1.0)
    thor (0.19.1)
    thread_safe (0.3.5)
    tzinfo (1.2.2)
      thread_safe (~> 0.1)
    unf (0.1.4)
      unf_ext
    unf_ext (0.0.7.2)

PLATFORMS
  ruby

DEPENDENCIES
  mocha
  newrelic_rpm
  rails (~> 4.2.6)
  rubyzip (~> 0.9.9)
  scalarm-database (~> 2.0.0)!
  scalarm-service_core (~> 2.0.0)!
  sys-filesystem
  thin

BUNDLED WITH
   1.11.2
